PATH
  remote: .
  specs:
    opensocial-wap (0.0.1)
      oauth
      rack

GEM
  remote: http://rubygems.org/
  specs:
    oauth (0.4.4)
    rack (1.2.1)

PLATFORMS
  ruby

DEPENDENCIES
  oauth
  opensocial-wap!
  rack
